GEM
  remote: https://rubygems.org/
  specs:
    docile (1.4.0)
    metaclass (0.0.4)
    minitest (5.7.0)
    mocha (1.1.0)
      metaclass (~> 0.0.1)
    rake (13.0.6)
    simplecov (0.21.2)
      docile (~> 1.1)
      simplecov-html (~> 0.11)
      simplecov_json_formatter (~> 0.1)
    simplecov-html (0.12.3)
    simplecov_json_formatter (0.1.4)

PLATFORMS
  ruby

DEPENDENCIES
  minitest (~> 5.3)
  mocha (~> 1.1)
  rake (~> 13.0)
  simplecov (~> 0.21.0)

BUNDLED WITH
   2.1.4
